GEM
  remote: https://rubygems.org/
  specs:
    diff-lcs (1.6.2)
    rainbow (3.1.1)
    rspec (3.13.1)
      rspec-core (~> 3.13.0)
      rspec-expectations (~> 3.13.0)
      rspec-mocks (~> 3.13.0)
    rspec-core (3.13.5)
      rspec-support (~> 3.13.0)
    rspec-expectations (3.13.5)
      diff-lcs (>= 1.2.0, < 2.0)
      rspec-support (~> 3.13.0)
    rspec-mocks (3.13.5)
      diff-lcs (>= 1.2.0, < 2.0)
      rspec-support (~> 3.13.0)
    rspec-support (3.13.6)

PLATFORMS
  arm64-darwin-24
  ruby

DEPENDENCIES
  rainbow (~> 3.1, >= 3.1.1)
  rspec (~> 3.13, >= 3.13.1)

BUNDLED WITH
   2.7.2
